GEM
  remote: https://rubygems.org/
  specs:
    addressable (2.8.7)
      public_suffix (>= 2.0.2, < 7.0)
    ast (2.4.2)
    base64 (0.2.0)
    bigdecimal (3.1.9)
    capybara (3.40.0)
      addressable
      matrix
      mini_mime (>= 0.1.3)
      nokogiri (~> 1.11)
      rack (>= 1.6.0)
      rack-test (>= 0.6.3)
      regexp_parser (>= 1.5, < 3.0)
      xpath (~> 3.2)
    diff-lcs (1.5.1)
    gauge-ruby (0.9.2)
      grpc (~> 1.10, >= 1.10.0, < 1.65)
      parser (>= 3.1, < 4.0)
      unparser (>= 0.6.4, < 0.7.0)
    google-protobuf (3.25.5)
    google-protobuf (3.25.5-aarch64-linux)
    google-protobuf (3.25.5-arm64-darwin)
    google-protobuf (3.25.5-x86-linux)
    google-protobuf (3.25.5-x86_64-darwin)
    google-protobuf (3.25.5-x86_64-linux)
    googleapis-common-protos-types (1.18.0)
      google-protobuf (>= 3.18, < 5.a)
    grpc (1.64.3)
      google-protobuf (~> 3.25)
      googleapis-common-protos-types (~> 1.0)
    grpc (1.64.3-aarch64-linux)
      google-protobuf (~> 3.25)
      googleapis-common-protos-types (~> 1.0)
    grpc (1.64.3-arm64-darwin)
      google-protobuf (~> 3.25)
      googleapis-common-protos-types (~> 1.0)
    grpc (1.64.3-x86-linux)
      google-protobuf (~> 3.25)
      googleapis-common-protos-types (~> 1.0)
    grpc (1.64.3-x86_64-darwin)
      google-protobuf (~> 3.25)
      googleapis-common-protos-types (~> 1.0)
    grpc (1.64.3-x86_64-linux)
      google-protobuf (~> 3.25)
      googleapis-common-protos-types (~> 1.0)
    httparty (0.21.0)
      mini_mime (>= 1.0.0)
      multi_xml (>= 0.5.2)
    matrix (0.4.2)
    mini_mime (1.1.5)
    mini_portile2 (2.8.8)
    multi_xml (0.7.1)
      bigdecimal (~> 3.1)
    nokogiri (1.18.2)
      mini_portile2 (~> 2.8.2)
      racc (~> 1.4)
    parser (3.3.7.0)
      ast (~> 2.4.1)
      racc
    power_assert (2.0.5)
    public_suffix (6.0.1)
    racc (1.8.1)
    rack (3.1.8)
    rack-test (2.2.0)
      rack (>= 1.3)
    regexp_parser (2.10.0)
    rexml (3.4.0)
    rubyzip (2.4.1)
    selenium-webdriver (4.18.1)
      base64 (~> 0.2)
      rexml (~> 3.2, >= 3.2.5)
      rubyzip (>= 1.2.2, < 3.0)
      websocket (~> 1.0)
    test-unit (3.6.7)
      power_assert
    unparser (0.6.15)
      diff-lcs (~> 1.3)
      parser (>= 3.3.0)
    websocket (1.2.11)
    xpath (3.2.0)
      nokogiri (~> 1.8)

PLATFORMS
  aarch64-linux
  arm64-darwin
  ruby
  x86-linux
  x86_64-darwin
  x86_64-linux

DEPENDENCIES
  capybara (~> 3.40.0)
  gauge-ruby (~> 0.9.2)
  httparty (~> 0.21.0)
  selenium-webdriver (~> 4.18.1)
  test-unit

BUNDLED WITH
   2.5.23
